PATH
  remote: .
  specs:
    foreman-export-monit (0.0.1)

GEM
  remote: http://rubygems.org/
  specs:
    foreman (0.40.0)
      term-ansicolor (~> 1.0.7)
      thor (>= 0.13.6)
    term-ansicolor (1.0.7)
    thor (0.14.6)

PLATFORMS
  ruby

DEPENDENCIES
  foreman
  foreman-export-monit!
